GIT
  remote: git://github.com/follmann/middleman-favicon-maker.git
  revision: f6852a8dca873ca4f028efd62d54500698d585bd
  specs:
    middleman-favicon-maker (3.0.3)
      favicon_maker (~> 0.0.9)
      middleman-core (>= 3.0.0)

GIT
  remote: git://github.com/middleman/middleman-livereload.git
  revision: 3fcdda7b580430f0cf3480827ec4698c98638453
  specs:
    middleman-livereload (3.0.1)
      em-websocket (>= 0.2.0)
      middleman-core (~> 3.0.2)
      multi_json (~> 1.0)
      rack-livereload

GIT
  remote: git://github.com/middleman/middleman-smusher.git
  revision: ae288059b35a8aa5a0eca0368b2d41431b42154b
  specs:
    middleman-smusher (3.0.0)
      middleman (>= 3.0.0)
      smusher (~> 0.4.9)

GEM
  remote: https://rubygems.org/
  specs:
    activesupport (3.2.9)
      i18n (~> 0.6)
      multi_json (~> 1.0)
    chunky_png (1.2.6)
    coffee-filter (0.1.1)
      coffee-script (>= 2.2.0)
      haml (>= 3.0.18)
    coffee-script (2.2.0)
      coffee-script-source
      execjs
    coffee-script-source (1.3.3)
    compass (0.12.2)
      chunky_png (~> 1.2)
      fssm (>= 0.2.7)
      sass (~> 3.1)
    em-websocket (0.4.0)
      eventmachine (>= 0.12.9)
      http_parser.rb (~> 0.5.3)
    eventmachine (1.0.1)
    execjs (1.4.0)
      multi_json (~> 1.0)
    favicon_maker (0.0.9)
      mini_magick (~> 3.0)
    ffi (1.2.0)
    fssm (0.2.9)
    haml (3.1.7)
    hike (1.2.1)
    http_parser.rb (0.5.3)
    http_router (0.10.2)
      rack (>= 1.0.0)
      url_mount (~> 0.2.1)
    httpclient (2.3.3)
    i18n (0.6.1)
    json (1.7.7)
    listen (0.5.3)
    maruku (0.6.1)
      syntax (>= 1.0.0)
    middleman (3.0.6)
      middleman-core (= 3.0.6)
      middleman-more (= 3.0.6)
      middleman-sprockets (~> 3.0.2)
    middleman-core (3.0.6)
      activesupport (~> 3.2.6)
      bundler (~> 1.1)
      listen (~> 0.5.2)
      rack (~> 1.4.1)
      rack-test (~> 0.6.1)
      rb-fsevent (~> 0.9.1)
      rb-inotify (~> 0.8.8)
      thor (~> 0.15.4)
      tilt (~> 1.3.1)
    middleman-more (3.0.6)
      coffee-script (~> 2.2.0)
      coffee-script-source (~> 1.3.3)
      compass (>= 0.12.2)
      execjs (~> 1.4.0)
      haml (>= 3.1.6)
      i18n (~> 0.6.0)
      maruku (~> 0.6.0)
      middleman-core (= 3.0.6)
      padrino-helpers (= 0.10.7)
      sass (>= 3.1.20)
      uglifier (~> 1.2.6)
    middleman-sprockets (3.0.4)
      middleman-more (~> 3.0.1)
      sprockets (~> 2.1, < 2.5)
      sprockets-sass (~> 0.8.0)
    mini_magick (3.5.0)
      subexec (~> 0.2.1)
    multi_json (1.5.0)
    padrino-core (0.10.7)
      activesupport (~> 3.2.0)
      http_router (~> 0.10.2)
      sinatra (~> 1.3.1)
      thor (~> 0.15.2)
      tilt (~> 1.3.0)
    padrino-helpers (0.10.7)
      i18n (~> 0.6)
      padrino-core (= 0.10.7)
    rack (1.4.1)
    rack-livereload (0.3.11)
      rack
    rack-protection (1.3.2)
      rack
    rack-test (0.6.2)
      rack (>= 1.0)
    rake (10.0.3)
    rb-fsevent (0.9.2)
    rb-inotify (0.8.8)
      ffi (>= 0.5.0)
    redcarpet (2.1.1)
    sass (3.2.3)
    sinatra (1.3.3)
      rack (~> 1.3, >= 1.3.6)
      rack-protection (~> 1.2)
      tilt (~> 1.3, >= 1.3.3)
    smusher (0.4.9)
      httpclient (>= 2.2)
      json
      rake
    sprockets (2.4.5)
      hike (~> 1.2)
      multi_json (~> 1.0)
      rack (~> 1.0)
      tilt (~> 1.1, != 1.3.0)
    sprockets-sass (0.8.0)
      sprockets (~> 2.0)
      tilt (~> 1.1)
    subexec (0.2.2)
    susy (1.0.5)
      compass (>= 0.12.2)
      sass (>= 3.2.0)
    syntax (1.0.0)
    thor (0.15.4)
    tilt (1.3.3)
    uglifier (1.2.7)
      execjs (>= 0.3.0)
      multi_json (~> 1.3)
    url_mount (0.2.1)
      rack
    zurb-foundation (4.0.0)
      rake
      sass (>= 3.2.0)

PLATFORMS
  ruby

DEPENDENCIES
  coffee-filter
  haml
  middleman
  middleman-favicon-maker!
  middleman-livereload!
  middleman-smusher!
  redcarpet
  susy (~> 1.0.5)
  zurb-foundation (~> 4.0.0)
